GEM
  remote: http://rubygems.org/
  specs:
    actionmailer (2.3.8)
      actionpack (= 2.3.8)
    actionpack (2.3.8)
      activesupport (= 2.3.8)
      rack (~> 1.1.0)
    activerecord (2.3.8)
      activesupport (= 2.3.8)
    activeresource (2.3.8)
      activesupport (= 2.3.8)
    activesupport (2.3.8)
    authlogic (2.0.11)
      activesupport
    aws-s3 (0.6.2)
      builder
      mime-types
      xml-simple
    builder (3.0.0)
    bullet (2.0.1)
      uniform_notifier (~> 1.0.0)
    faker (0.3.1)
    gchartrb (0.8)
    heroku_s3_backup (0.0.1)
      right_aws (~> 1.10)
    json_pure (1.4.6)
    mime-types (1.16)
    mocha (0.9.9)
      rake
    paperclip (2.3.6)
      activerecord
      activesupport
    prawn (0.6.3)
      prawn-core (< 0.7, >= 0.6.3)
      prawn-format (< 0.3, >= 0.2.3)
      prawn-layout (< 0.4, >= 0.3.2)
      prawn-security (< 0.2, >= 0.1.1)
    prawn-core (0.6.3)
    prawn-format (0.2.3)
      prawn-core
    prawn-layout (0.3.2)
    prawn-security (0.1.1)
    prawnto (0.0.4)
      prawn
      rails (>= 2.1)
    rack (1.1.0)
    rails (2.3.8)
      actionmailer (= 2.3.8)
      actionpack (= 2.3.8)
      activerecord (= 2.3.8)
      activeresource (= 2.3.8)
      activesupport (= 2.3.8)
      rake (>= 0.8.3)
    rake (0.8.7)
    rest-client (1.6.1)
      mime-types (>= 1.16)
    right_aws (1.10.0)
      right_http_connection (>= 1.2.4)
    right_http_connection (1.2.4)
    sequel (3.17.0)
    shoulda (2.11.3)
    sinatra (1.0)
      rack (>= 1.0)
    sqlite3-ruby (1.3.2)
    sqlite3-ruby (1.3.2-x86-mingw32)
    taps (0.3.14)
      json_pure (< 1.5.0, >= 1.2.0)
      rack (>= 1.0.1)
      rest-client (< 1.7.0, >= 1.4.0)
      sequel (~> 3.17.0)
      sinatra (~> 1.0.0)
      sqlite3-ruby (~> 1.2)
    uniform_notifier (1.0.0)
    xml-simple (1.0.12)

PLATFORMS
  ruby
  x86-mingw32

DEPENDENCIES
  authlogic (= 2.0.11)
  aws-s3 (~> 0.6.2)
  bullet
  faker
  gchartrb
  heroku_s3_backup
  mocha
  paperclip (~> 2.3.4)
  prawn (= 0.6.3)
  prawnto
  rails (= 2.3.8)
  shoulda
  sqlite3-ruby
  taps
