GEM
  remote: http://rubygems.org/
  specs:
    actionmailer (2.3.8)
      actionpack (= 2.3.8)
    actionpack (2.3.8)
      activesupport (= 2.3.8)
      rack (~> 1.1.0)
    activerecord (2.3.8)
      activesupport (= 2.3.8)
    activeresource (2.3.8)
      activesupport (= 2.3.8)
    activesupport (2.3.8)
    authlogic (2.0.11)
      activesupport
    aws-s3 (0.6.2)
      builder
      mime-types
      xml-simple
    builder (2.1.2)
    bullet (1.7.6)
    faker (0.3.1)
    gchartrb (0.8)
    heroku_s3_backup (0.0.1)
      right_aws (~> 1.10)
    mime-types (1.16)
    mocha (0.9.9)
      rake
    paperclip (2.3.4)
      activerecord
      activesupport
    rack (1.1.0)
    rails (2.3.8)
      actionmailer (= 2.3.8)
      actionpack (= 2.3.8)
      activerecord (= 2.3.8)
      activeresource (= 2.3.8)
      activesupport (= 2.3.8)
      rake (>= 0.8.3)
    rake (0.8.7)
    right_aws (1.10.0)
      right_http_connection (>= 1.2.4)
    right_http_connection (1.2.4)
    shoulda (2.11.3)
    sqlite3-ruby (1.3.1-x86-mingw32)
    xml-simple (1.0.12)

PLATFORMS
  x86-mingw32

DEPENDENCIES
  authlogic (= 2.0.11)
  aws-s3 (~> 0.6.2)
  bullet
  faker
  gchartrb
  heroku_s3_backup
  mocha
  paperclip (~> 2.3.4)
  rails (= 2.3.8)
  shoulda
  sqlite3-ruby
